PATH
  remote: .
  specs:
    needle (1.3.0)

GEM
  remote: https://rubygems.org/
  specs:
    json (1.8.1)
    rdoc (4.1.1)
      json (~> 1.4)

PLATFORMS
  ruby

DEPENDENCIES
  needle!
  rdoc
